GEM
  remote: https://rubygems.org/
  specs:
    addressable (2.8.0)
      public_suffix (>= 2.0.2, < 5.0)
    dotenv (2.7.6)
    faraday (1.1.0)
      multipart-post (>= 1.2, < 3)
      ruby2_keywords
    multipart-post (2.1.1)
    mysql2-lambda (0.5.3.0)
    octokit (4.19.0)
      faraday (>= 0.9)
      sawyer (~> 0.8.0, >= 0.5.3)
    public_suffix (4.0.6)
    ruby2_keywords (0.0.2)
    sawyer (0.8.2)
      addressable (>= 2.3.5)
      faraday (> 0.8, < 2.0)
    sequel (5.37.0)

PLATFORMS
  ruby

DEPENDENCIES
  dotenv (~> 2.7)
  mysql2-lambda (~> 0.5.3)
  octokit (~> 4.19)
  sequel (~> 5.37)

BUNDLED WITH
   1.17.3
